GEM
  remote: https://rubygems.org/
  specs:
    bcrypt (3.1.10)
    coderay (1.1.0)
    method_source (0.8.2)
    pg (0.18.2)
    pry (0.10.1)
      coderay (~> 1.1.0)
      method_source (~> 0.8.1)
      slop (~> 3.4)
    rack (1.6.1)
    rack-protection (1.5.3)
      rack
    sequel (4.24.0)
    shotgun (0.9)
      rack (>= 1.0)
    sinatra (1.4.6)
      rack (~> 1.4)
      rack-protection (~> 1.4)
      tilt (>= 1.3, < 3)
    slop (3.6.0)
    tilt (2.0.1)

PLATFORMS
  ruby

DEPENDENCIES
  bcrypt
  pg
  pry
  sequel
  shotgun
  sinatra
